GIT
  remote: https://github.com/ffi/ffi.git
  revision: 447845cb3030194c79700c86fb388a12e6f81386
  submodules: true
  specs:
    ffi (1.15.5)

GEM
  remote: https://rubygems.org/
  specs:

PLATFORMS
  x86_64-linux

DEPENDENCIES
  ffi!

BUNDLED WITH
   2.2.22
